GIT
  remote: https://github.com/vovik/exception_notification.git
  revision: f6f6dd38c0faee4306561c737db71821f5c5425d
  branch: 2-3-stable
  specs:
    exception_notification (2.3.3.0)

GEM
  remote: http://rubygems.org/
  specs:
    RedCloth (4.2.2)
    actionmailer (2.3.9)
      actionpack (= 2.3.9)
    actionpack (2.3.9)
      activesupport (= 2.3.9)
      rack (~> 1.1.0)
    activerecord (2.3.9)
      activesupport (= 2.3.9)
    activeresource (2.3.9)
      activesupport (= 2.3.9)
    activesupport (2.3.9)
    builder (3.0.0)
    capistrano (2.5.19)
      highline
      net-scp (>= 1.0.0)
      net-sftp (>= 2.0.0)
      net-ssh (>= 2.0.14)
      net-ssh-gateway (>= 1.0.0)
    cucumber (0.7.3)
      builder (>= 2.1.2)
      diff-lcs (>= 1.1.2)
      gherkin (>= 1.0.27)
      json_pure (>= 1.2.4)
      term-ansicolor (>= 1.0.4)
    diff-lcs (1.1.2)
    factory_girl (1.3.3)
    gherkin (1.0.27)
      trollop (>= 1.16.2)
    highline (1.6.1)
    json_pure (1.5.1)
    net-scp (1.0.4)
      net-ssh (>= 1.99.1)
    net-sftp (2.0.5)
      net-ssh (>= 2.0.9)
    net-ssh (2.1.4)
    net-ssh-gateway (1.0.1)
      net-ssh (>= 1.99.1)
    nokogiri (1.4.4)
    paperclip (2.3.8)
      activerecord
      activesupport
    rack (1.1.0)
    rack-test (0.5.7)
      rack (>= 1.0)
    rails (2.3.9)
      actionmailer (= 2.3.9)
      actionpack (= 2.3.9)
      activerecord (= 2.3.9)
      activeresource (= 2.3.9)
      activesupport (= 2.3.9)
      rake (>= 0.8.3)
    rake (0.8.7)
    rspec (2.5.0)
      rspec-core (~> 2.5.0)
      rspec-expectations (~> 2.5.0)
      rspec-mocks (~> 2.5.0)
    rspec-core (2.5.1)
    rspec-expectations (2.5.0)
      diff-lcs (~> 1.1.2)
    rspec-mocks (2.5.0)
    rspec-rails (1.3.2)
      rack (>= 1.0.0)
      rspec (>= 1.3.0)
    sqlite3 (1.3.3)
    sqlite3-ruby (1.3.3)
      sqlite3 (>= 1.3.3)
    term-ansicolor (1.0.5)
    trollop (1.16.2)
    webrat (0.7.3)
      nokogiri (>= 1.2.0)
      rack (>= 1.0)
      rack-test (>= 0.5.3)

PLATFORMS
  ruby

DEPENDENCIES
  RedCloth
  capistrano (~> 2.5.19)
  cucumber (>= 0.3.91)
  exception_notification!
  factory_girl
  paperclip (~> 2.3.8)
  rails (= 2.3.9)
  rspec (>= 1.2.6)
  rspec-rails (>= 1.2.6)
  sqlite3-ruby
  webrat (>= 0.4.4)
