GIT
  remote: https://github.com/vovik/exception_notification.git
  revision: f6f6dd38c0faee4306561c737db71821f5c5425d
  branch: 2-3-stable
  specs:
    exception_notification (2.3.3.0)

GEM
  remote: http://rubygems.org/
  specs:
    RedCloth (4.2.2)
    actionmailer (2.3.14)
      actionpack (= 2.3.14)
    actionpack (2.3.14)
      activesupport (= 2.3.14)
      rack (~> 1.1.0)
    activerecord (2.3.14)
      activesupport (= 2.3.14)
    activeresource (2.3.14)
      activesupport (= 2.3.14)
    activesupport (2.3.14)
    builder (3.0.0)
    capistrano (2.5.19)
      highline
      net-scp (>= 1.0.0)
      net-sftp (>= 2.0.0)
      net-ssh (>= 2.0.14)
      net-ssh-gateway (>= 1.0.0)
    cucumber (1.0.2)
      builder (>= 2.1.2)
      diff-lcs (>= 1.1.2)
      gherkin (~> 2.4.5)
      json (>= 1.4.6)
      term-ansicolor (>= 1.0.5)
    cucumber-rails (0.3.2)
      cucumber (>= 0.8.0)
    database_cleaner (0.5.2)
    diff-lcs (1.1.2)
    factory_girl (1.2.4)
    gherkin (2.4.15)
      json (>= 1.4.6)
    highline (1.6.1)
    json (1.5.3)
    mini_portile2 (2.8.0)
    net-scp (1.0.4)
      net-ssh (>= 1.99.1)
    net-sftp (2.0.5)
      net-ssh (>= 2.0.9)
    net-ssh (2.1.4)
    net-ssh-gateway (1.0.1)
      net-ssh (>= 1.99.1)
    nokogiri (1.13.9)
      mini_portile2 (~> 2.8.0)
      racc (~> 1.4)
    paperclip (2.3.8)
      activerecord
      activesupport
    pickle (0.3.4)
    racc (1.6.0)
    rack (1.1.6)
    rails (2.3.14)
      actionmailer (= 2.3.14)
      actionpack (= 2.3.14)
      activerecord (= 2.3.14)
      activeresource (= 2.3.14)
      activesupport (= 2.3.14)
      rake (>= 0.8.3)
    rake (0.9.2)
    rspec (1.3.2)
    rspec-rails (1.3.4)
      rack (>= 1.0.0)
      rspec (~> 1.3.1)
    ruby-akismet (1.0.0)
    sqlite3 (1.3.3)
    term-ansicolor (1.0.6)
    webrat (0.4.5)
      nokogiri (>= 1.2.0)

PLATFORMS
  ruby

DEPENDENCIES
  RedCloth
  capistrano (~> 2.5.19)
  cucumber-rails (~> 0.3.2)
  database_cleaner (~> 0.5.0)
  exception_notification!
  factory_girl (~> 1.2.4)
  gherkin (~> 2.4.5)
  paperclip (~> 2.3.8)
  pickle (~> 0.3.4)
  rails (~> 2.3.9)
  rspec (~> 1.3.0)
  rspec-rails (~> 1.3.2)
  ruby-akismet
  sqlite3
  webrat (~> 0.4.4)
